GEM
  remote: http://rubygems.org/
  specs:
    diff-lcs (1.2.4)
    git (1.2.6)
    jeweler (1.8.4)
      bundler (~> 1.0)
      git (>= 1.2.5)
      rake
      rdoc
    json (1.8.0)
    nokogiri (1.5.4)
    rake (10.1.0)
    rdoc (4.0.1)
      json (~> 1.4)
    redcarpet (2.2.2)
    rspec (2.14.1)
      rspec-core (~> 2.14.0)
      rspec-expectations (~> 2.14.0)
      rspec-mocks (~> 2.14.0)
    rspec-core (2.14.4)
    rspec-expectations (2.14.1)
      diff-lcs (>= 1.1.3, < 2.0)
    rspec-mocks (2.14.3)
    rubyzip (1.0.0)
    yard (0.8.7.1)
    zip-zip (0.2)
      rubyzip (>= 1.0.0)

PLATFORMS
  ruby

DEPENDENCIES
  jeweler (~> 1.8.3)
  nokogiri (>= 1.4.2)
  redcarpet
  rspec (~> 2.14.1)
  rubyzip (~> 1.0.0)
  yard (~> 0.8.7)
  zip-zip
